GEM
  remote: https://rubygems.org/
  specs:
    bigdecimal (3.1.8)
    byebug (11.1.3)
    coderay (1.1.3)
    concurrent-ruby (1.0.5)
    deep_merge (1.2.2)
    diff-lcs (1.5.1)
    ethon (0.16.0)
      ffi (>= 1.15.0)
    ffi (1.17.0)
    ffi (1.17.0-aarch64-linux-gnu)
    ffi (1.17.0-aarch64-linux-musl)
    ffi (1.17.0-arm-linux-gnu)
    ffi (1.17.0-arm-linux-musl)
    ffi (1.17.0-arm64-darwin)
    ffi (1.17.0-x86-linux-gnu)
    ffi (1.17.0-x86-linux-musl)
    ffi (1.17.0-x86_64-darwin)
    ffi (1.17.0-x86_64-linux-gnu)
    ffi (1.17.0-x86_64-linux-musl)
    hashdiff (1.0.1)
    io-console (0.7.2)
    irb (1.14.1)
      rdoc (>= 4.0.0)
      reline (>= 0.4.2)
    json (2.7.2)
    link-header-parser (4.0.0)
    method_source (1.1.0)
    oj (3.16.6)
      bigdecimal (>= 3.0)
      ostruct (>= 0.2)
    ostruct (0.6.0)
    parallel (1.26.3)
    phrase (2.20.0)
      json (~> 2.1, >= 2.1.0)
      link-header-parser (~> 4.0)
      typhoeus (~> 1.0, >= 1.0.1)
    phraseapp_updater (3.3.1)
      concurrent-ruby (~> 1.0.2)
      deep_merge (~> 1.2)
      hashdiff (~> 1.0.1)
      oj (~> 3.16)
      parallel (~> 1.23)
      phrase (~> 2.20.0)
      thor (~> 1.3.0)
    pry (0.14.2)
      coderay (~> 1.1)
      method_source (~> 1.0)
    psych (5.1.2)
      stringio
    rake (13.2.1)
    rdoc (6.7.0)
      psych (>= 4.0.0)
    reline (0.5.10)
      io-console (~> 0.5)
    rspec (3.13.0)
      rspec-core (~> 3.13.0)
      rspec-expectations (~> 3.13.0)
      rspec-mocks (~> 3.13.0)
    rspec-core (3.13.1)
      rspec-support (~> 3.13.0)
    rspec-expectations (3.13.3)
      diff-lcs (>= 1.2.0, < 2.0)
      rspec-support (~> 3.13.0)
    rspec-mocks (3.13.2)
      diff-lcs (>= 1.2.0, < 2.0)
      rspec-support (~> 3.13.0)
    rspec-support (3.13.1)
    rspec_junit_formatter (0.6.0)
      rspec-core (>= 2, < 4, != 2.12.0)
    stringio (3.1.1)
    thor (1.3.2)
    typhoeus (1.4.1)
      ethon (>= 0.9.0)

PLATFORMS
  aarch64-linux-gnu
  aarch64-linux-musl
  arm-linux-gnu
  arm-linux-musl
  arm64-darwin
  ruby
  x86-linux-gnu
  x86-linux-musl
  x86_64-darwin
  x86_64-linux-gnu
  x86_64-linux-musl

DEPENDENCIES
  bigdecimal (= 3.1.8)
  byebug (= 11.1.3)
  coderay (= 1.1.3)
  concurrent-ruby (= 1.0.5)
  deep_merge (= 1.2.2)
  diff-lcs (= 1.5.1)
  ethon (= 0.16.0)
  ffi (= 1.17.0)
  hashdiff (= 1.0.1)
  io-console (= 0.7.2)
  irb (= 1.14.1)
  json (= 2.7.2)
  link-header-parser (= 4.0.0)
  method_source (= 1.1.0)
  oj (= 3.16.6)
  ostruct (= 0.6.0)
  parallel (= 1.26.3)
  phrase (= 2.20.0)
  phraseapp_updater
  pry (= 0.14.2)
  psych (= 5.1.2)
  rake (= 13.2.1)
  rdoc (= 6.7.0)
  reline (= 0.5.10)
  rspec (= 3.13.0)
  rspec-core (= 3.13.1)
  rspec-expectations (= 3.13.3)
  rspec-mocks (= 3.13.2)
  rspec-support (= 3.13.1)
  rspec_junit_formatter (= 0.6.0)
  stringio (= 3.1.1)
  thor (= 1.3.2)
  typhoeus (= 1.4.1)

BUNDLED WITH
   2.4.19
