GEM
  remote: https://rubygems.org/
  specs:
    bigdecimal (3.1.8)
    byebug (11.1.3)
    coderay (1.1.3)
    concurrent-ruby (1.0.5)
    deep_merge (1.2.2)
    diff-lcs (1.5.0)
    ethon (0.16.0)
      ffi (>= 1.15.0)
    ffi (1.15.5)
    hashdiff (1.0.1)
    io-console (0.6.0)
    irb (1.6.2)
      reline (>= 0.3.0)
    json (2.6.3)
    link-header-parser (4.0.0)
    method_source (1.0.0)
    oj (3.16.6)
      bigdecimal (>= 3.0)
      ostruct (>= 0.2)
    ostruct (0.6.0)
    parallel (1.26.3)
    phrase (2.20.0)
      json (~> 2.1, >= 2.1.0)
      link-header-parser (~> 4.0)
      typhoeus (~> 1.0, >= 1.0.1)
    pry (0.14.2)
      coderay (~> 1.1)
      method_source (~> 1.0)
    rake (13.2.1)
    reline (0.3.2)
      io-console (~> 0.5)
    rspec (3.12.0)
      rspec-core (~> 3.12.0)
      rspec-expectations (~> 3.12.0)
      rspec-mocks (~> 3.12.0)
    rspec-core (3.12.1)
      rspec-support (~> 3.12.0)
    rspec-expectations (3.12.2)
      diff-lcs (>= 1.2.0, < 2.0)
      rspec-support (~> 3.12.0)
    rspec-mocks (3.12.3)
      diff-lcs (>= 1.2.0, < 2.0)
      rspec-support (~> 3.12.0)
    rspec-support (3.12.0)
    rspec_junit_formatter (0.6.0)
      rspec-core (>= 2, < 4, != 2.12.0)
    thor (1.3.2)
    typhoeus (1.4.0)
      ethon (>= 0.9.0)

PLATFORMS
  ruby
  x86_64-darwin-23

DEPENDENCIES
  bigdecimal (= 3.1.8)
  byebug (= 11.1.3)
  coderay (= 1.1.3)
  concurrent-ruby (= 1.0.5)
  deep_merge (= 1.2.2)
  diff-lcs (= 1.5.0)
  ethon (= 0.16.0)
  ffi (= 1.15.5)
  hashdiff (= 1.0.1)
  io-console (= 0.6.0)
  irb (= 1.6.2)
  json (= 2.6.3)
  link-header-parser (= 4.0.0)
  method_source (= 1.0.0)
  oj (= 3.16.6)
  ostruct (= 0.6.0)
  parallel (= 1.26.3)
  phrase (= 2.20.0)
  pry (= 0.14.2)
  rake (= 13.2.1)
  reline (= 0.3.2)
  rspec (= 3.12.0)
  rspec-core (= 3.12.1)
  rspec-expectations (= 3.12.2)
  rspec-mocks (= 3.12.3)
  rspec-support (= 3.12.0)
  rspec_junit_formatter (= 0.6.0)
  thor (= 1.3.2)
  typhoeus (= 1.4.0)

BUNDLED WITH
   2.5.16
