GEM
  remote: https://rubygems.org/
  specs:
    byebug (11.1.3)
    coderay (1.1.3)
    deep_merge (1.2.2)
    diff-lcs (1.5.0)
    ethon (0.16.0)
      ffi (>= 1.15.0)
    ffi (1.16.3)
    hashdiff (1.0.1)
    io-console (0.6.0)
    irb (1.10.0)
      rdoc
      reline (>= 0.3.8)
    json (2.7.0)
    link-header-parser (4.0.0)
    method_source (1.0.0)
    oj (3.16.1)
    parallel (1.23.0)
    phrase (2.20.0)
      json (~> 2.1, >= 2.1.0)
      link-header-parser (~> 4.0)
      typhoeus (~> 1.0, >= 1.0.1)
    pry (0.14.2)
      coderay (~> 1.1)
      method_source (~> 1.0)
    psych (5.1.1.1)
      stringio
    rake (13.1.0)
    rdoc (6.6.3.1)
      psych (>= 4.0.0)
    reline (0.4.1)
      io-console (~> 0.5)
    rspec (3.12.0)
      rspec-core (~> 3.12.0)
      rspec-expectations (~> 3.12.0)
      rspec-mocks (~> 3.12.0)
    rspec-core (3.12.2)
      rspec-support (~> 3.12.0)
    rspec-expectations (3.12.3)
      diff-lcs (>= 1.2.0, < 2.0)
      rspec-support (~> 3.12.0)
    rspec-mocks (3.12.6)
      diff-lcs (>= 1.2.0, < 2.0)
      rspec-support (~> 3.12.0)
    rspec-support (3.12.1)
    rspec_junit_formatter (0.6.0)
      rspec-core (>= 2, < 4, != 2.12.0)
    stringio (3.1.0)
    thor (1.3.0)
    typhoeus (1.4.1)
      ethon (>= 0.9.0)

PLATFORMS
  ruby

DEPENDENCIES
  byebug (= 11.1.3)
  coderay (= 1.1.3)
  deep_merge (= 1.2.2)
  diff-lcs (= 1.5.0)
  ethon (= 0.16.0)
  ffi (= 1.16.3)
  hashdiff (= 1.0.1)
  io-console (= 0.6.0)
  irb (= 1.10.0)
  json (= 2.7.0)
  link-header-parser (= 4.0.0)
  method_source (= 1.0.0)
  oj (= 3.16.1)
  parallel (= 1.23.0)
  phrase (= 2.20.0)
  pry (= 0.14.2)
  psych (= 5.1.1.1)
  rake (= 13.1.0)
  rdoc (= 6.6.3.1)
  reline (= 0.4.1)
  rspec (= 3.12.0)
  rspec-core (= 3.12.2)
  rspec-expectations (= 3.12.3)
  rspec-mocks (= 3.12.6)
  rspec-support (= 3.12.1)
  rspec_junit_formatter (= 0.6.0)
  stringio (= 3.1.0)
  thor (= 1.3.0)
  typhoeus (= 1.4.1)

BUNDLED WITH
   2.4.22
